GEM
  remote: https://rubygems.org/
  specs:
    addressable (2.3.5)
    coderay (1.1.0)
    crack (0.4.2)
      safe_yaml (~> 1.0.0)
    faraday (0.9.0)
      multipart-post (>= 1.2, < 3)
    google_drive (0.3.7)
      nokogiri (>= 1.4.4, != 1.5.2, != 1.5.1)
      oauth (>= 0.3.6)
      oauth2 (>= 0.5.0)
    httparty (0.13.0)
      json (~> 1.8)
      multi_xml (>= 0.5.2)
    json (1.8.1)
    jwt (0.1.11)
      multi_json (>= 1.5)
    method_source (0.8.2)
    mini_portile (0.5.2)
    multi_json (1.8.4)
    multi_xml (0.5.5)
    multipart-post (2.0.0)
    nokogiri (1.6.1)
      mini_portile (~> 0.5.0)
    oauth (0.4.7)
    oauth2 (0.9.3)
      faraday (>= 0.8, < 0.10)
      jwt (~> 0.1.8)
      multi_json (~> 1.3)
      multi_xml (~> 0.5)
      rack (~> 1.2)
    pipedrive-ruby (0.2.6)
      httparty
      json (>= 1.7.7)
      multi_xml (>= 0.5.2)
      webmock
    pry (0.9.12.4)
      coderay (~> 1.0)
      method_source (~> 0.8)
      slop (~> 3.4)
    rack (1.5.2)
    rack-protection (1.5.2)
      rack
    safe_yaml (1.0.1)
    settingslogic (2.0.9)
    sinatra (1.4.4)
      rack (~> 1.4)
      rack-protection (~> 1.4)
      tilt (~> 1.3, >= 1.3.4)
    slop (3.4.7)
    tilt (1.4.1)
    webmock (1.17.3)
      addressable (>= 2.2.7)
      crack (>= 0.3.2)

PLATFORMS
  ruby

DEPENDENCIES
  google_drive
  pipedrive-ruby
  pry
  settingslogic
  sinatra
